GEM
  remote: https://rubygems.org/
  specs:
    creek (2.6.3)
      nokogiri (>= 1.10.0)
      rubyzip (>= 1.0.0)
    dry-cli (1.0.0)
    nokogiri (1.16.5-x86_64-linux)
      racc (~> 1.4)
    racc (1.8.0)
    rubyzip (2.3.2)
    terminal-table (3.0.2)
      unicode-display_width (>= 1.1.1, < 3)
    unicode-display_width (2.5.0)

PLATFORMS
  x86_64-linux

DEPENDENCIES
  creek
  dry-cli
  terminal-table

RUBY VERSION
   ruby 3.3.0p0

BUNDLED WITH
   2.5.5
