GEM
  remote: https://rubygems.org/
  specs:
    creek (2.5.3)
      nokogiri (>= 1.10.0)
      rubyzip (>= 1.0.0)
    dry-cli (0.7.0)
    nokogiri (1.13.4-x86_64-linux)
      racc (~> 1.4)
    racc (1.6.0)
    rubyzip (2.3.2)
    terminal-table (3.0.2)
      unicode-display_width (>= 1.1.1, < 3)
    unicode-display_width (2.1.0)

PLATFORMS
  x86_64-linux

DEPENDENCIES
  creek
  dry-cli
  terminal-table

RUBY VERSION
   ruby 3.1.0p0

BUNDLED WITH
   2.3.3
